GEM
  specs:
    byebug (9.0.6)
    mysql2 (0.4.5)
    slop (3.6.0)

PLATFORMS
  ruby

DEPENDENCIES
  byebug
  mysql2
  slop

BUNDLED WITH
   1.16.0
