GEM
  remote: https://rubygems.org/
  specs:
    byebug (9.0.6)
    mysql2 (0.4.5)

PLATFORMS
  ruby

DEPENDENCIES
  byebug
  mysql2

BUNDLED WITH
   1.16.0
